GEM
  remote: https://rubygems.org/
  specs:
    actionpack (4.0.2)
      activesupport (= 4.0.2)
      builder (~> 3.1.0)
      erubis (~> 2.7.0)
      rack (~> 1.5.2)
      rack-test (~> 0.6.2)
    activemodel (4.0.2)
      activesupport (= 4.0.2)
      builder (~> 3.1.0)
    activerecord (4.0.2)
      activemodel (= 4.0.2)
      activerecord-deprecated_finders (~> 1.0.2)
      activesupport (= 4.0.2)
      arel (~> 4.0.0)
    activerecord-deprecated_finders (1.0.3)
    activerecord-jdbc-adapter (1.3.5)
      activerecord (>= 2.2)
    activerecord-jdbcmysql-adapter (1.3.5)
      activerecord-jdbc-adapter (~> 1.3.5)
      jdbc-mysql (>= 5.1.22)
    activesupport (4.0.2)
      i18n (~> 0.6, >= 0.6.4)
      minitest (~> 4.2)
      multi_json (~> 1.3)
      thread_safe (~> 0.1)
      tzinfo (~> 0.3.37)
    arel (4.0.1)
    atomic (1.1.14-java)
    builder (3.1.4)
    capybara (2.2.1)
      mime-types (>= 1.16)
      nokogiri (>= 1.3.3)
      rack (>= 1.0.0)
      rack-test (>= 0.5.4)
      xpath (~> 2.0)
    commander (4.1.5)
      highline (~> 1.6.11)
    database_cleaner (1.2.0)
    diff-lcs (1.2.5)
    erubis (2.7.0)
    factory_girl (4.3.0)
      activesupport (>= 3.0.0)
    gpio (0.0.6)
    haml (4.0.5)
      tilt
    highline (1.6.20)
    houston (2.0.0)
      commander (~> 4.1)
      json
    i18n (0.6.9)
    jdbc-mysql (5.1.28)
    json (1.8.1-java)
    mail (2.2.7)
      activesupport (>= 2.3.6)
      mime-types
      treetop (>= 1.4.5)
    mime-types (2.0)
    mini_portile (0.5.2)
    minitest (4.7.5)
    multi_json (1.8.4)
    nokogiri (1.6.1-java)
      mini_portile (~> 0.5.0)
    polyglot (0.3.3)
    pony (1.6.2)
      mail (>= 2.0)
    rack (1.5.2)
    rack-protection (1.5.1)
      rack
    rack-test (0.6.2)
      rack (>= 1.0)
    railties (4.0.2)
      actionpack (= 4.0.2)
      activesupport (= 4.0.2)
      rake (>= 0.8.7)
      thor (>= 0.18.1, < 2.0)
    rake (10.1.1)
    rspec (2.14.1)
      rspec-core (~> 2.14.0)
      rspec-expectations (~> 2.14.0)
      rspec-mocks (~> 2.14.0)
    rspec-core (2.14.7)
    rspec-expectations (2.14.4)
      diff-lcs (>= 1.1.3, < 2.0)
    rspec-mocks (2.14.4)
    rspec-rails (2.14.1)
      actionpack (>= 3.0)
      activemodel (>= 3.0)
      activesupport (>= 3.0)
      railties (>= 3.0)
      rspec-core (~> 2.14.0)
      rspec-expectations (~> 2.14.0)
      rspec-mocks (~> 2.14.0)
    sinatra (1.4.4)
      rack (~> 1.4)
      rack-protection (~> 1.4)
      tilt (~> 1.3, >= 1.3.4)
    sinatra-activerecord (1.2.3)
      activerecord (>= 3.0)
      sinatra (~> 1.0)
    steak (2.0.0)
      capybara (>= 1.0.0)
      rspec-rails (>= 2.5.0)
    thor (0.18.1)
    thread_safe (0.1.3-java)
      atomic
    tilt (1.4.1)
    treetop (1.4.15)
      polyglot
      polyglot (>= 0.3.1)
    tzinfo (0.3.38)
    xpath (2.0.0)
      nokogiri (~> 1.3)

PLATFORMS
  java

DEPENDENCIES
  activerecord
  activerecord-jdbcmysql-adapter
  capybara
  database_cleaner
  factory_girl
  gpio
  haml
  houston
  mysql2
  pony
  rspec
  sinatra
  sinatra-activerecord
  steak
